GEM
  remote: https://rubygems.org/
  specs:
    faker (1.1.2)
      i18n (~> 0.5)
    i18n (0.6.4)
    moretext (0.1.0)
    rack (1.5.2)
    rack-protection (1.5.0)
      rack
    random_data (1.6.0)
    sinatra (1.4.2)
      rack (~> 1.5, >= 1.5.2)
      rack-protection (~> 1.4)
      tilt (~> 1.3, >= 1.3.4)
    tilt (1.3.7)

PLATFORMS
  ruby

DEPENDENCIES
  faker
  moretext
  random_data
  sinatra
